GEM
  remote: https://rubygems.org/
  specs:
    absolutely (5.1.0)
      addressable (~> 2.7)
    addressable (2.8.1)
      public_suffix (>= 2.0.2, < 6.0)
    backports (3.15.0)
    buftok (0.2.0)
    builder (3.2.4)
    concurrent-ruby (1.1.5)
    crass (1.0.6)
    domain_name (0.5.20190701)
      unf (>= 0.0.5, < 1.0.0)
    dotenv (2.7.5)
    equalizer (0.0.11)
    faraday (0.17.1)
      multipart-post (>= 1.2, < 3)
    ffi (1.15.5)
    ffi-compiler (1.0.1)
      ffi (>= 1.0.0)
      rake
    http (4.4.1)
      addressable (~> 2.3)
      http-cookie (~> 1.0)
      http-form_data (~> 2.2)
      http-parser (~> 1.2.0)
    http-cookie (1.0.5)
      domain_name (~> 0.5)
    http-form_data (2.3.0)
    http-parser (1.2.3)
      ffi-compiler (>= 1.0, < 2.0)
    http_parser.rb (0.6.0)
    httparty (0.21.0)
      mini_mime (>= 1.0.0)
      multi_xml (>= 0.5.2)
    indieweb-endpoints (5.0.0)
      absolutely (~> 5.0)
      addressable (~> 2.7)
      http (~> 4.4)
      link-header-parser (~> 2.1)
      nokogiri (~> 1.10)
    json (2.6.3)
    link-header-parser (2.2.0)
      absolutely (~> 5.1)
    memoizable (0.4.2)
      thread_safe (~> 0.3, >= 0.3.1)
    microformats (4.4.1)
      json (~> 2.2)
      nokogiri (~> 1.10)
    mini_mime (1.1.2)
    mini_portile2 (2.4.0)
    moneta (1.2.1)
    multi_json (1.14.1)
    multi_xml (0.6.0)
    multipart-post (2.2.3)
    mustache (1.1.1)
    mustermann (1.0.3)
    naught (1.1.0)
    nio4r (2.5.2)
    nokogiri (1.10.8)
      mini_portile2 (~> 2.4.0)
    nokogumbo (2.0.5)
      nokogiri (~> 1.8, >= 1.8.4)
    octokit (4.14.0)
      sawyer (~> 0.8.0, >= 0.5.3)
    pg (1.1.4)
    proxies (0.2.3)
    public_suffix (5.0.1)
    puma (4.3.5)
      nio4r (~> 2.0)
    rack (2.2.3)
    rack-contrib (2.1.0)
      rack (~> 2.0)
    rack-protection (2.0.7)
      rack
    rack-ssl (1.4.1)
      rack
    rake (13.0.1)
    redcarpet (3.5.0)
    redis (4.1.3)
    s3 (0.3.28)
      addressable
      proxies
    sanitize (5.2.3)
      crass (~> 1.0.2)
      nokogiri (>= 1.8.0)
      nokogumbo (~> 2.0)
    sawyer (0.8.2)
      addressable (>= 2.3.5)
      faraday (> 0.8, < 2.0)
    sentry-raven (2.13.0)
      faraday (>= 0.7.6, < 1.0)
    sequel (5.27.0)
    sequel_pg (1.12.2)
      pg (>= 0.18.0)
      sequel (>= 4.38.0)
    shotgun (0.9.2)
      rack (>= 1.0)
    simple_oauth (0.3.1)
    sinatra (2.0.7)
      mustermann (~> 1.0)
      rack (~> 2.0)
      rack-protection (= 2.0.7)
      tilt (~> 2.0)
    sinatra-contrib (2.0.7)
      backports (>= 2.8.2)
      multi_json
      mustermann (~> 1.0)
      rack-protection (= 2.0.7)
      sinatra (= 2.0.7)
      tilt (~> 2.0)
    thread_safe (0.3.6)
    tilt (2.0.10)
    twitter (7.0.0)
      addressable (~> 2.3)
      buftok (~> 0.2.0)
      equalizer (~> 0.0.11)
      http (~> 4.0)
      http-form_data (~> 2.0)
      http_parser.rb (~> 0.6.0)
      memoizable (~> 0.4.0)
      multipart-post (~> 2.0)
      naught (~> 1.0)
      simple_oauth (~> 0.3.0)
    tzinfo (2.0.0)
      concurrent-ruby (~> 1.0)
    tzinfo-data (1.2019.3)
      tzinfo (>= 1.0.0)
    unf (0.1.4)
      unf_ext
    unf_ext (0.0.8.2)
    webmention (5.0.0)
      absolutely (~> 5.0)
      addressable (~> 2.7)
      http (~> 4.4)
      indieweb-endpoints (~> 5.0)
      nokogiri (~> 1.10)
    will_paginate (3.2.1)

PLATFORMS
  ruby

DEPENDENCIES
  builder
  dotenv
  httparty
  microformats
  moneta
  mustache
  mustermann
  nokogiri
  octokit
  puma
  rack-contrib
  rack-ssl
  rake (>= 2.0.6)
  redcarpet
  redis
  s3
  sanitize
  sentry-raven
  sequel_pg
  shotgun
  sinatra
  sinatra-contrib
  twitter
  tzinfo
  tzinfo-data
  webmention
  will_paginate

RUBY VERSION
   ruby 2.6.5p114

BUNDLED WITH
   1.17.2
